GEM
  remote: https://rubygems.org/
  specs:
    asciidoctor (1.5.2)
    rouge (3.30.0)

PLATFORMS
  ruby

DEPENDENCIES
  asciidoctor
  rouge

BUNDLED WITH
   2.3.7
